GIT
  remote: git://github.com/GregSutcliffe/foreman_column_view.git
  revision: 40dfb9d988848d124c53bcd77f19a42c1ce588c1
  specs:
    foreman_column_view (1.0.0)

GIT
  remote: git://github.com/stefankroes/ancestry.git
  revision: 6bf9382ba446f8ca25fb118e64ae6f42fed799b7
  specs:
    ancestry (2.0.0)
      activerecord (>= 3.0.0)

GIT
  remote: https://github.com/cernops/hostgroup_extra_validator_foreman.git
  revision: 44d4d96fb7935fcef950b87735a6e126d6329ee6
  specs:
    hostgroup_extra_validator (0.0.1)

GIT
  remote: https://github.com/cernops/puppetdb_foreman.git
  revision: b89a30de96e9c2b0f3658763e12fda89812d6f39
  specs:
    puppetdb_foreman (0.0.1)

GEM
  remote: http://rubygems.org/
  specs:
    abstract (1.0.0)
    actionmailer (3.0.20)
      actionpack (= 3.0.20)
      mail (~> 2.2.19)
    actionpack (3.0.20)
      activemodel (= 3.0.20)
      activesupport (= 3.0.20)
      builder (~> 2.1.2)
      erubis (~> 2.6.6)
      i18n (~> 0.5.0)
      rack (~> 1.2.5)
      rack-mount (~> 0.6.14)
      rack-test (~> 0.5.7)
      tzinfo (~> 0.3.23)
    activemodel (3.0.20)
      activesupport (= 3.0.20)
      builder (~> 2.1.2)
      i18n (~> 0.5.0)
    activerecord (3.0.20)
      activemodel (= 3.0.20)
      activesupport (= 3.0.20)
      arel (~> 2.0.10)
      tzinfo (~> 0.3.23)
    activeresource (3.0.20)
      activemodel (= 3.0.20)
      activesupport (= 3.0.20)
    activesupport (3.0.20)
    apipie-rails (0.0.16)
      rails (>= 3.0.10)
    arel (2.0.10)
    audited (3.0.0.rc1)
    audited-activerecord (3.0.0.rc1)
      activerecord (~> 3.0)
      audited (= 3.0.0.rc1)
    awesome_print (1.1.0)
    builder (2.1.2)
    dalli (2.6.2)
    deface (0.7.2)
      nokogiri (~> 1.5.0)
      rails (>= 3.0.9)
    erubis (2.6.6)
      abstract (>= 1.0.0)
    excon (0.20.1)
    fog (1.10.1)
      builder
      excon (~> 0.20)
      formatador (~> 0.2.0)
      mime-types
      multi_json (~> 1.0)
      net-scp (~> 1.1)
      net-ssh (>= 2.1.3)
      nokogiri (~> 1.5.0)
      ruby-hmac
    formatador (0.2.4)
    hirb (0.7.1)
    hirb-unicode (0.0.5)
      hirb (~> 0.5)
      unicode-display_width (~> 0.1.1)
    i18n (0.5.0)
    jquery-rails (2.2.1)
      railties (>= 3.0, < 5.0)
      thor (>= 0.14, < 2.0)
    json (1.7.7)
    mail (2.2.19)
      activesupport (>= 2.3.6)
      i18n (>= 0.4.0)
      mime-types (~> 1.16)
      treetop (~> 1.4.8)
    mime-types (1.23)
    multi_json (1.7.2)
    mysql2 (0.2.18)
    net-ldap (0.3.1)
    net-scp (1.1.0)
      net-ssh (>= 2.6.5)
    net-ssh (2.6.7)
    nokogiri (1.5.9)
    oauth (0.4.7)
    paint (0.8.6)
    polyglot (0.3.3)
    rabl (0.8.4)
      activesupport (>= 2.3.14)
    rack (1.2.8)
    rack-mount (0.6.14)
      rack (>= 1.0.0)
    rack-test (0.5.7)
      rack (>= 1.0)
    rails (3.0.20)
      actionmailer (= 3.0.20)
      actionpack (= 3.0.20)
      activerecord (= 3.0.20)
      activeresource (= 3.0.20)
      activesupport (= 3.0.20)
      bundler (~> 1.0)
      railties (= 3.0.20)
    railties (3.0.20)
      actionpack (= 3.0.20)
      activesupport (= 3.0.20)
      rake (>= 0.8.7)
      rdoc (~> 3.4)
      thor (~> 0.14.4)
    rake (10.0.4)
    rdoc (3.12.2)
      json (~> 1.4)
    rest-client (1.6.7)
      mime-types (>= 1.16)
    ruby-hmac (0.4.0)
    ruby-libvirt (0.4.0)
    ruby2ruby (1.3.1)
      ruby_parser (~> 2.0)
      sexp_processor (~> 3.0)
    ruby_parser (2.3.1)
      sexp_processor (~> 3.0)
    safemode (1.0.1)
      ruby2ruby
      ruby_parser
    scoped_search (2.5.1)
      activerecord (>= 2.1.0)
    sexp_processor (3.2.0)
    thor (0.14.6)
    treetop (1.4.12)
      polyglot
      polyglot (>= 0.3.1)
    tzinfo (0.3.37)
    unicode-display_width (0.1.1)
    uuidtools (2.1.3)
    will_paginate (3.0.4)
    wirb (1.0.1)
      paint

PLATFORMS
  ruby

DEPENDENCIES
  ancestry!
  apipie-rails (= 0.0.16)
  audited-activerecord (= 3.0.0.rc1)
  awesome_print
  dalli
  deface (= 0.7.2)
  fog (>= 1.9)
  foreman_column_view!
  hirb-unicode
  hostgroup_extra_validator!
  jquery-rails
  json
  mysql2 (< 0.3)
  net-ldap
  oauth
  puppetdb_foreman!
  rabl (>= 0.7.5)
  rails (= 3.0.20)
  rest-client
  ruby-libvirt
  ruby_parser (>= 2.3.1, < 3.0)
  safemode (~> 1.0.1)
  scoped_search (>= 2.4)
  uuidtools
  will_paginate (~> 3.0.2)
  wirb
